GEM
  remote: https://rubygems.org/
  specs:
    addressable (2.6.0)
      public_suffix (>= 2.0.2, < 4.0)
    avro (1.8.2)
      multi_json
    aws-eventstream (1.0.2)
    aws-partitions (1.149.0)
    aws-sdk-core (3.48.3)
      aws-eventstream (~> 1.0, >= 1.0.2)
      aws-partitions (~> 1.0)
      aws-sigv4 (~> 1.1)
      jmespath (~> 1.0)
    aws-sdk-kms (1.16.0)
      aws-sdk-core (~> 3, >= 3.48.2)
      aws-sigv4 (~> 1.1)
    aws-sdk-s3 (1.36.0)
      aws-sdk-core (~> 3, >= 3.48.2)
      aws-sdk-kms (~> 1)
      aws-sigv4 (~> 1.0)
    aws-sigv4 (1.1.0)
      aws-eventstream (~> 1.0, >= 1.0.2)
    crack (0.4.3)
      safe_yaml (~> 1.0.0)
    diff-lcs (1.3)
    hashdiff (0.3.8)
    jmespath (1.4.0)
    mini_portile2 (2.8.0)
    multi_json (1.13.1)
    nokogiri (1.13.4)
      mini_portile2 (~> 2.8.0)
      racc (~> 1.4)
    nypl_log_formatter (0.1.3)
    public_suffix (3.0.3)
    racc (1.6.0)
    rspec (3.8.0)
      rspec-core (~> 3.8.0)
      rspec-expectations (~> 3.8.0)
      rspec-mocks (~> 3.8.0)
    rspec-core (3.8.0)
      rspec-support (~> 3.8.0)
    rspec-expectations (3.8.2)
      diff-lcs (>= 1.2.0, < 2.0)
      rspec-support (~> 3.8.0)
    rspec-mocks (3.8.0)
      diff-lcs (>= 1.2.0, < 2.0)
      rspec-support (~> 3.8.0)
    rspec-support (3.8.0)
    safe_yaml (1.0.5)
    webmock (3.5.1)
      addressable (>= 2.3.6)
      crack (>= 0.3.2)
      hashdiff

PLATFORMS
  ruby

DEPENDENCIES
  avro
  aws-sdk-kms
  aws-sdk-s3
  nokogiri
  nypl_log_formatter (~> 0.1.2)
  rspec
  webmock

BUNDLED WITH
   2.0.2
